GEM
  remote: http://rubygems.org/
  specs:
    POpen4 (0.1.4)
      Platform (>= 0.4.0)
      open4
    Platform (0.4.0)
    addressable (2.2.6)
    amqp (0.6.7)
      eventmachine (>= 0.12.4)
    coffee-script (2.2.0)
      coffee-script-source
      execjs
    coffee-script-source (1.1.2)
    couchrest (1.1.2)
      mime-types (~> 1.15)
      multi_json (~> 1.0.0)
      rest-client (~> 1.6.1)
    daemon-kit (0.1.8.1)
      eventmachine (>= 0.12.10)
    dnssd (2.0)
    em-http-request (1.0.0)
      addressable (>= 2.2.3)
      em-socksify
      eventmachine (>= 1.0.0.beta.3)
      http_parser.rb (>= 0.5.2)
    em-proxy (0.1.5)
      eventmachine
    em-socksify (0.1.0)
      eventmachine
    em-websocket (0.3.5)
      addressable (>= 2.1.1)
      eventmachine (>= 0.12.9)
    eventmachine (1.0.0.beta.4)
    eventmachine_httpserver (0.2.1)
    execjs (1.2.9)
      multi_json (~> 1.0)
    extlib (0.9.15)
    git (1.2.5)
    god (0.11.0)
    haml (3.1.3)
    highline (1.6.2)
    http_parser.rb (0.5.2)
    json (1.6.1)
    mime-types (1.17.2)
    multi_json (1.0.3)
    net-ldap (0.2.2)
    net-scp (1.0.4)
      net-ssh (>= 1.99.1)
    net-ssh (2.2.1)
    open4 (1.2.0)
    rainbow (1.1.1)
    rake (0.9.2.2)
    rest-client (1.6.7)
      mime-types (>= 1.16)
    rubybits (0.2.0)
    sass (3.1.7)
    slinky (0.5.0)
      coffee-script (>= 2.2.0)
      em-proxy (>= 0.1.5)
      eventmachine (>= 0.12.0)
      eventmachine_httpserver (>= 0.2.0)
      haml (>= 3.0.0)
      mime-types (>= 1.16)
      rainbow (>= 1.1.1)
      sass (>= 3.1.1)
      yui-compressor (>= 0.9.6)
    uuidtools (2.1.2)
    wol (0.4.0)
    yui-compressor (0.9.6)
      POpen4 (>= 0.1.4)

PLATFORMS
  ruby

DEPENDENCIES
  amqp
  couchrest
  daemon-kit
  dnssd
  em-http-request
  em-websocket
  eventmachine
  extlib
  git
  god
  haml
  highline
  json
  net-ldap
  net-scp
  net-ssh
  rainbow
  rake
  rubybits
  slinky
  uuidtools
  wol
