GEM
  remote: http://rubygems.org/
  specs:
    abstract (1.0.0)
    capistrano (2.5.19)
      highline
      net-scp (>= 1.0.0)
      net-sftp (>= 2.0.0)
      net-ssh (>= 2.0.14)
      net-ssh-gateway (>= 1.0.0)
    capistrano-ext (1.2.1)
      capistrano (>= 1.0.0)
    chunky_png (0.12.0)
    compass (0.10.6)
      haml (>= 3.0.4)
    couchrest (1.0.1)
      json (>= 1.4.6)
      mime-types (>= 1.15)
      rest-client (>= 1.5.1)
    daemon-kit (0.1.8.1)
      eventmachine (>= 0.12.10)
    daemons (1.1.0)
    dnssd (1.4)
    em-proxy (0.1.3)
      eventmachine (>= 0.12.9)
    erubis (2.6.6)
      abstract (>= 1.0.0)
    eventmachine (0.12.10)
    extlib (0.9.15)
    git (1.2.5)
    god (0.11.0)
    haml (3.0.24)
    highline (1.6.1)
    json (1.5.1)
    json_pure (1.4.6)
    kgio (1.3.1)
    mime-types (1.16)
    net-ldap (0.1.1)
    net-scp (1.0.4)
      net-ssh (>= 1.99.1)
    net-sftp (2.0.5)
      net-ssh (>= 2.0.9)
    net-ssh (2.0.23)
    net-ssh-gateway (1.0.1)
      net-ssh (>= 1.99.1)
    rack (1.2.1)
    rainbow (1.1.1)
    rake (0.8.7)
    rest-client (1.6.1)
      mime-types (>= 1.16)
    sinatra (1.1.0)
      rack (~> 1.1)
      tilt (~> 1.1)
    sproutcore (1.5.0.pre.3)
      erubis (~> 2.6.6)
      eventmachine (>= 0.12.10)
      extlib (~> 0.9.15)
      json_pure (~> 1.4.6)
      rack (~> 1.2.1)
      thin (~> 1.2.7)
      thor (~> 0.14.3)
    thin (1.2.7)
      daemons (>= 1.0.9)
      eventmachine (>= 0.12.6)
      rack (>= 1.0.0)
    thor (0.14.6)
    tilt (1.1)
    unicorn (2.0.1)
      kgio (~> 1.3.1)
      rack

PLATFORMS
  ruby

DEPENDENCIES
  capistrano
  capistrano-ext
  chunky_png
  compass
  couchrest
  daemon-kit
  dnssd
  em-proxy
  eventmachine
  extlib
  git
  god
  haml
  highline
  json
  net-ldap
  net-scp
  net-ssh
  rainbow
  rake
  sinatra
  sproutcore
  unicorn
