GEM
  remote: http://rubygems.org/
  specs:
    addressable (2.3.6)
    amqp (0.6.7)
      eventmachine
    celluloid (0.15.2)
      timers (~> 1.1.0)
    coffee-script (2.2.0)
      coffee-script-source
      execjs
    coffee-script-source (1.7.0)
    cookiejar (0.3.2)
    couchrest (1.2.0)
      mime-types (~> 1.15)
      multi_json (~> 1.0)
      rest-client (~> 1.6.1)
    daemon-kit (0.3.0)
      eventmachine (>= 0.12.10)
      thor
    dnssd (2.0)
    em-http-request (1.1.2)
      addressable (>= 2.3.4)
      cookiejar
      em-socksify (>= 0.3)
      eventmachine (>= 1.0.3)
      http_parser.rb (>= 0.6.0)
    em-proxy (0.1.8)
      eventmachine
    em-socksify (0.3.0)
      eventmachine (>= 1.0.0.beta.4)
    em-websocket (0.5.1)
      eventmachine (>= 0.12.9)
      http_parser.rb (~> 0.6.0)
    eventmachine (1.0.3)
    eventmachine_httpserver (0.2.1)
    execjs (2.1.0)
    extlib (0.9.16)
    ffi (1.9.3)
    git (1.2.6)
    god (0.13.4)
    haml (3.1.8)
    highline (1.6.21)
    http_parser.rb (0.6.0)
    json (1.8.1)
    listen (2.7.5)
      celluloid (>= 0.15.2)
      rb-fsevent (>= 0.9.3)
      rb-inotify (>= 0.9)
    mime-types (1.25.1)
    multi_json (1.10.1)
    net-ldap (0.6.1)
    net-scp (1.2.1)
      net-ssh (>= 2.6.5)
    net-ssh (2.9.1)
    rainbow (1.99.2)
    rake (10.3.2)
    rb-fsevent (0.9.4)
    rb-inotify (0.9.4)
      ffi (>= 0.5.0)
    rest-client (1.6.7)
      mime-types (>= 1.16)
    rubybits (0.2.1)
    sass (3.3.7)
    slinky (0.7.3)
      coffee-script (~> 2.2)
      em-proxy (~> 0.1)
      em-websocket (~> 0.3)
      eventmachine (~> 1.0)
      eventmachine_httpserver (~> 0.2)
      haml (~> 3.1)
      listen (~> 2.4)
      mime-types (~> 1.16)
      rainbow (~> 1.1)
      sass (~> 3.1)
      yui-compressor (~> 0.12)
    thor (0.19.1)
    timers (1.1.0)
    uuidtools (2.1.4)
    wol (0.4.1)
    yui-compressor (0.12.0)

PLATFORMS
  ruby

DEPENDENCIES
  amqp
  couchrest
  daemon-kit
  dnssd
  em-http-request
  em-websocket
  eventmachine
  extlib
  git
  god
  haml
  highline
  json
  net-ldap
  net-scp
  net-ssh
  rainbow
  rake
  rubybits
  slinky
  uuidtools
  wol
