GEM
  remote: http://rubygems.org/
  specs:
    abstract (1.0.0)
    capistrano (2.5.19)
      highline
      net-scp (>= 1.0.0)
      net-sftp (>= 2.0.0)
      net-ssh (>= 2.0.14)
      net-ssh-gateway (>= 1.0.0)
    capistrano-ext (1.2.1)
      capistrano (>= 1.0.0)
    couchrest (1.0.1)
      json (>= 1.4.6)
      mime-types (>= 1.15)
      rest-client (>= 1.5.1)
    daemon-kit (0.1.8.1)
      eventmachine (>= 0.12.10)
    em-proxy (0.1.3)
      eventmachine (>= 0.12.9)
    erubis (2.6.6)
      abstract (>= 1.0.0)
    eventmachine (0.12.10)
    extlib (0.9.15)
    git (1.2.5)
    god (0.11.0)
    haml (3.0.18)
    highline (1.6.1)
    json (1.4.6)
    json_pure (1.4.6)
    mime-types (1.16)
    net-ldap (0.1.1)
    net-scp (1.0.3)
      net-ssh (>= 1.99.1)
    net-sftp (2.0.5)
      net-ssh (>= 2.0.9)
    net-ssh (2.0.23)
    net-ssh-gateway (1.0.1)
      net-ssh (>= 1.99.1)
    rack (1.2.1)
    rest-client (1.6.1)
      mime-types (>= 1.16)
    sinatra (1.0)
      rack (>= 1.0)
    sproutcore (1.0.1046)
      erubis (>= 2.6.2)
      extlib (>= 0.9.9)
      json_pure (>= 1.1.0)
      rack (>= 0.9.1)
      thor (>= 0.11.7)
    thor (0.14.0)
    unicorn (1.1.3)
      rack

PLATFORMS
  ruby

DEPENDENCIES
  capistrano
  capistrano-ext
  couchrest
  daemon-kit
  em-proxy
  eventmachine
  extlib
  git
  god
  haml
  highline
  json
  net-ldap
  net-scp
  net-ssh
  sinatra
  sproutcore
  unicorn
